PATH
  remote: ..
  specs:
    jaeger-client (1.1.0)
      opentracing (~> 0.3)
      thrift

GEM
  remote: https://rubygems.org/
  specs:
    mustermann (2.0.2)
      ruby2_keywords (~> 0.0.1)
    opentracing (0.5.0)
    rack (2.2.3)
    rack-protection (2.2.3)
      rack
    ruby2_keywords (0.0.5)
    sinatra (2.2.3)
      mustermann (~> 2.0)
      rack (~> 2.2)
      rack-protection (= 2.2.3)
      tilt (~> 2.0)
    thrift (0.14.0)
    tilt (2.0.11)
    webrick (1.4.4)

PLATFORMS
  ruby

DEPENDENCIES
  jaeger-client!
  rack
  sinatra
  webrick (~> 1.4.2)

BUNDLED WITH
   2.2.15
